GEM
  remote: https://rubygems.org/
  specs:
    capistrano (3.2.1)
      i18n
      rake (>= 10.0.0)
      sshkit (~> 1.3)
    capistrano-bundler (1.1.3)
      capistrano (~> 3.1)
      sshkit (~> 1.2)
    capistrano-rvm (0.1.1)
      capistrano (~> 3.0)
      sshkit (~> 1.2)
    capistrano3-puma (0.8.5)
      capistrano (~> 3.0)
      puma (>= 2.6)
    colorize (0.7.3)
    concurrent-ruby (1.1.10)
    i18n (1.10.0)
      concurrent-ruby (~> 1.0)
    mini_portile2 (2.8.0)
    net-scp (1.2.1)
      net-ssh (>= 2.6.5)
    net-ssh (2.9.1)
    nio4r (2.5.8)
    nokogiri (1.13.6)
      mini_portile2 (~> 2.8.0)
      racc (~> 1.4)
    puma (4.3.12)
      nio4r (~> 2.0)
    racc (1.6.0)
    rack (1.6.12)
    rack-protection (1.5.5)
      rack
    rake (13.0.1)
    sinatra (1.4.8)
      rack (~> 1.5)
      rack-protection (~> 1.4)
      tilt (>= 1.3, < 3)
    sshkit (1.5.1)
      colorize
      net-scp (>= 1.1.2)
      net-ssh (>= 2.8.0)
    tilt (2.0.8)

PLATFORMS
  ruby

DEPENDENCIES
  capistrano (~> 3.0)
  capistrano-bundler
  capistrano-rvm
  capistrano3-puma
  nokogiri
  puma
  sinatra
